GEM
  remote: https://rubygems.org/
  specs:
    activesupport (4.1.1)
      i18n (~> 0.6, >= 0.6.9)
      json (~> 1.7, >= 1.7.7)
      minitest (~> 5.1)
      thread_safe (~> 0.1)
      tzinfo (~> 1.1)
    blankslate (2.1.2.4)
    celluloid (0.15.2)
      timers (~> 1.1.0)
    celluloid-io (0.15.0)
      celluloid (>= 0.15.0)
      nio4r (>= 0.5.0)
    classifier (1.3.4)
      fast-stemmer (>= 1.0.0)
    coderay (1.1.0)
    coffee-script (2.2.0)
      coffee-script-source
      execjs
    coffee-script-source (1.7.0)
    colorator (0.1)
    execjs (2.0.2)
    fast-stemmer (1.0.2)
    ffi (1.9.3)
    ffi (1.9.3-x86-mingw32)
    i18n (0.6.9)
    jekyll (2.0.2)
      classifier (~> 1.3)
      colorator (~> 0.1)
      jekyll-coffeescript (~> 1.0)
      jekyll-sass-converter (~> 1.0)
      kramdown (~> 1.3)
      liquid (~> 2.5.5)
      listen (~> 2.5)
      mercenary (~> 0.3.1)
      pygments.rb (~> 0.5.0)
      redcarpet (~> 3.1)
      safe_yaml (~> 1.0)
      toml (~> 0.1.0)
    jekyll-coffeescript (1.0.0)
      coffee-script (~> 2.2)
    jekyll-sass-converter (1.0.0)
      sass (~> 3.2)
    json (1.8.1)
    kramdown (1.3.3)
    liquid (2.5.5)
    listen (2.7.4)
      celluloid (>= 0.15.2)
      celluloid-io (>= 0.15.0)
      rb-fsevent (>= 0.9.3)
      rb-inotify (>= 0.9)
    mercenary (0.3.3)
    minitest (5.3.3)
    nio4r (1.0.0)
    parslet (1.5.0)
      blankslate (~> 2.0)
    posix-spawn (0.3.8)
    pygments.rb (0.5.4)
      posix-spawn (~> 0.3.6)
      yajl-ruby (~> 1.1.0)
    rake (12.3.3)
    rb-fsevent (0.9.4)
    rb-inotify (0.9.4)
      ffi (>= 0.5.0)
    redcarpet (3.1.1)
    safe_yaml (1.0.3)
    sass (3.3.7)
    stringex (2.5.2)
    thor (0.19.1)
    thread_safe (0.3.3)
    timers (1.1.0)
    toml (0.1.1)
      parslet (~> 1.5.0)
    tzinfo (1.1.0)
      thread_safe (~> 0.1)
    yajl-ruby (1.1.0)
    yajl-ruby (1.1.0-x86-mingw32)

PLATFORMS
  ruby
  x86-mingw32

DEPENDENCIES
  activesupport
  coderay
  jekyll
  kramdown
  rake
  stringex
  thor
